GEM
  remote: https://rubygems.org/
  specs:
    api_cache (0.3.0)
    backports (3.17.1)
    better_errors (2.7.0)
      coderay (>= 1.0.0)
      erubi (>= 1.0.0)
      rack (>= 0.9.0)
    binding_of_caller (0.8.0)
      debug_inspector (>= 0.0.1)
    coderay (1.1.2)
    crass (1.0.6)
    dalli (2.7.10)
    debug_inspector (0.0.3)
    dotenv (2.7.5)
    erubi (1.9.0)
    feedjira (3.1.1)
      loofah (>= 2.3.1)
      sax-machine (>= 1.0)
    htmlentities (4.3.4)
    loofah (2.5.0)
      crass (~> 1.0.2)
      nokogiri (>= 1.5.9)
    mini_portile2 (2.4.0)
    multi_json (1.14.1)
    mustermann (1.1.1)
      ruby2_keywords (~> 0.0.1)
    nio4r (2.5.2)
    nokogiri (1.10.9)
      mini_portile2 (~> 2.4.0)
    puma (4.3.5)
      nio4r (~> 2.0)
    rack (2.2.3)
    rack-protection (2.0.8.1)
      rack
    ruby2_keywords (0.0.2)
    sax-machine (1.3.2)
    sinatra (2.0.8.1)
      mustermann (~> 1.0)
      rack (~> 2.0)
      rack-protection (= 2.0.8.1)
      tilt (~> 2.0)
    sinatra-contrib (2.0.8.1)
      backports (>= 2.8.2)
      multi_json
      mustermann (~> 1.0)
      rack-protection (= 2.0.8.1)
      sinatra (= 2.0.8.1)
      tilt (~> 2.0)
    tilt (2.0.10)

PLATFORMS
  ruby

DEPENDENCIES
  api_cache
  better_errors
  binding_of_caller
  dalli
  dotenv
  feedjira
  htmlentities
  nokogiri
  puma
  sinatra
  sinatra-contrib

RUBY VERSION
   ruby 2.6.3p62

BUNDLED WITH
   2.1.4
